GEM
  remote: https://rubygems.org/
  specs:
    csv (3.0.4)
    curb (0.9.8)
    mini_portile2 (2.4.0)
    nokogiri (1.10.1)
      mini_portile2 (~> 2.4.0)

PLATFORMS
  ruby

DEPENDENCIES
  csv
  curb
  nokogiri

BUNDLED WITH
   2.0.1
